PATH
  remote: .
  specs:
    mailman (0.4.0)
      activesupport (>= 2.3.4)
      fssm (>= 0.1.4)
      i18n (>= 0.4.1)
      mail (>= 2.0.3)
      maildir (>= 0.5.0)

GEM
  remote: http://rubygems.org/
  specs:
    activesupport (3.0.9)
    fssm (0.2.7)
    i18n (0.6.0)
    mail (2.3.0)
      i18n (>= 0.4.0)
      mime-types (~> 1.16)
      treetop (~> 1.4.8)
    maildir (1.0.1)
    mime-types (1.16)
    polyglot (0.3.1)
    rspec (1.3.2)
    treetop (1.4.9)
      polyglot (>= 0.3.1)

PLATFORMS
  java
  ruby

DEPENDENCIES
  mailman!
  rspec (= 1.3.2)
